GEM
  remote: https://rubygems.org/
  specs:
    bond (0.4.3)
    columnize (0.3.6)
    daemons (1.1.9)
    debugger (1.6.5)
      columnize (>= 0.3.1)
      debugger-linecache (~> 1.2.0)
      debugger-ruby_core_source (~> 1.3.1)
    debugger-linecache (1.2.0)
    debugger-ruby_core_source (1.3.1)
    eventmachine (1.0.3)
    haml (4.0.5)
      tilt
    rack (1.5.2)
    rack-protection (1.5.1)
      rack
    rack-test (0.6.2)
      rack (>= 1.0)
    rainbow (1.99.1)
    ripl (0.7.0)
      bond (~> 0.4.2)
    ripl-multi_line (0.3.1)
      ripl (>= 0.3.6)
    ripl-rack (0.2.0)
      rack (>= 1.0)
      rack-test (>= 0.5)
      ripl (>= 0.3.5)
    shotgun (0.9)
      rack (>= 1.0)
    sinatra (1.4.4)
      rack (~> 1.4)
      rack-protection (~> 1.4)
      tilt (~> 1.3, >= 1.3.4)
    thin (1.6.1)
      daemons (>= 1.0.9)
      eventmachine (>= 1.0.0)
      rack (>= 1.0.0)
    tilt (1.4.1)
    tux (0.3.0)
      ripl (>= 0.3.5)
      ripl-multi_line (>= 0.2.4)
      ripl-rack (>= 0.2.0)
      sinatra (>= 1.2.1)

PLATFORMS
  ruby

DEPENDENCIES
  debugger
  haml
  rainbow
  shotgun
  sinatra
  thin
  tux
